PATH
  remote: /Users/james/src/steffi
  specs:
    steffi (0.0.0)
      ffi

GEM
  remote: http://rubygems.org/
  specs:
    coffee-script (2.2.0)
      coffee-script-source
      execjs
    coffee-script-source (1.4.0)
    execjs (1.4.0)
      multi_json (~> 1.0)
    ffi (1.3.1)
    haml (3.1.7)
    multi_json (1.5.0)
    rack (1.5.0)
    rack-protection (1.3.2)
      rack
    sinatra (1.3.4)
      rack (~> 1.4)
      rack-protection (~> 1.3)
      tilt (~> 1.3, >= 1.3.3)
    tilt (1.3.3)

PLATFORMS
  ruby

DEPENDENCIES
  coffee-script
  haml
  rack
  sinatra
  steffi!
